GIT
  remote: https://github.com/librariesio/bibliothecary
  revision: aa28de9a06d929471a207323b8a467e45c2a1a9b
  branch: configuration
  specs:
    bibliothecary (6.0.0)
      commander
      deb_control
      librariesio-gem-parser
      ox
      sdl4r
      toml-rb (~> 1.0)
      typhoeus

GEM
  remote: https://rubygems.org/
  specs:
    activesupport (5.1.5)
      concurrent-ruby (~> 1.0, >= 1.0.2)
      i18n (~> 0.7)
      minitest (~> 5.1)
      tzinfo (~> 1.1)
    citrus (3.0.2)
    commander (4.4.4)
      highline (~> 1.7.2)
    concurrent-ruby (1.0.5)
    deb_control (0.0.1)
    ethon (0.11.0)
      ffi (>= 1.3.0)
    ffi (1.9.23)
    foreman (0.84.0)
      thor (~> 0.19.1)
    highline (1.7.10)
    i18n (0.9.5)
      concurrent-ruby (~> 1.0)
    librariesio-gem-parser (1.0.0)
    minitest (5.11.3)
    mustermann (1.0.2)
    ox (2.8.2)
    puma (3.11.2)
    rack (2.0.4)
    rack-protection (2.0.1)
      rack
    sdl4r (0.9.11)
    sinatra (2.0.1)
      mustermann (~> 1.0)
      rack (~> 2.0)
      rack-protection (= 2.0.1)
      tilt (~> 2.0)
    thor (0.19.4)
    thread_safe (0.3.6)
    tilt (2.0.8)
    toml-rb (1.1.1)
      citrus (~> 3.0, > 3.0)
    typhoeus (1.3.0)
      ethon (>= 0.9.0)
    tzinfo (1.2.5)
      thread_safe (~> 0.1)

PLATFORMS
  ruby

DEPENDENCIES
  activesupport
  bibliothecary!
  foreman
  puma
  sinatra

RUBY VERSION
   ruby 2.5.0p0

BUNDLED WITH
   1.16.1
